GEM
  remote: https://rubygems.org/
  specs:
    chronic_duration (0.10.6)
      numerizer (~> 0.1.1)
    et-orbi (1.1.6)
      tzinfo
    fugit (1.1.6)
      et-orbi (~> 1.1, >= 1.1.6)
      raabro (~> 1.1)
    icalendar (2.3.0)
    numerizer (0.1.1)
    raabro (1.1.6)
    rufus-scheduler (3.5.2)
      fugit (~> 1.1, >= 1.1.5)
    slack-notifier (1.2.1)
    thread_safe (0.3.6)
    tzinfo (1.2.5)
      thread_safe (~> 0.1)

PLATFORMS
  ruby

DEPENDENCIES
  chronic_duration
  icalendar
  rufus-scheduler
  slack-notifier

RUBY VERSION
   ruby 2.2.4p230

BUNDLED WITH
   1.16.6
